GEM
  remote: https://rubygems.org/
  specs:
    awesome_print (1.6.1)
    backports (3.6.4)
    ethon (0.7.3)
      ffi (>= 1.3.0)
    faker (1.4.3)
      i18n (~> 0.5)
    ffi (1.9.8)
    haml (4.0.6)
      tilt
    i18n (0.7.0)
    json (1.8.2)
    mini_portile (0.6.2)
    minitest (5.5.1)
    multi_json (1.11.0)
    nokogiri (1.6.6.2)
      mini_portile (~> 0.6.0)
    rack (1.6.0)
    rack-protection (1.5.3)
      rack
    rack-test (0.6.3)
      rack (>= 1.0)
    rake (10.4.2)
    ruby2ruby (2.1.3)
      ruby_parser (~> 3.1)
      sexp_processor (~> 4.0)
    ruby_parser (3.5.0)
      sexp_processor (~> 4.1)
    sexp_processor (4.4.4)
    sinatra (1.4.6)
      rack (~> 1.4)
      rack-protection (~> 1.4)
      tilt (>= 1.3, < 3)
    sinatra-contrib (1.4.2)
      backports (>= 2.0)
      multi_json
      rack-protection
      rack-test
      sinatra (~> 1.4.0)
      tilt (~> 1.3)
    sinatra-partial (0.4.0)
      sinatra
    sqlite3 (1.3.10)
    tilt (1.4.1)
    typhoeus (0.7.1)
      ethon (>= 0.7.1)

PLATFORMS
  ruby

DEPENDENCIES
  awesome_print
  faker
  haml
  json
  minitest (~> 5.2)
  nokogiri
  rack-test (~> 0.6)
  rake (~> 10.0)
  ruby2ruby
  ruby_parser
  sinatra (~> 1.4)
  sinatra-contrib
  sinatra-partial
  sqlite3
  typhoeus
